PATH
  remote: /Users/n0mad/code/ruby/gems/forge
  specs:
    forge (0.3.1)
      compass (>= 0.11.5)
      guard (>= 0.8.4)
      guard-livereload (>= 0.3.1)
      json (>= 1.6.1)
      less (>= 2.0.7)
      rack (>= 1.3.5)
      rb-fsevent (>= 0.9.1)
      rubyzip (>= 0.9.4)
      sass (>= 3.1.8)
      sprockets (>= 2.0.2)
      sprockets-sass (>= 0.3.0)
      thor (>= 0.14.6)
      yui-compressor (>= 0.9.6)

GEM
  remote: https://rubygems.org/
  specs:
    POpen4 (0.1.4)
      Platform (>= 0.4.0)
      open4
    Platform (0.4.0)
    addressable (2.2.8)
    chunky_png (1.2.5)
    commonjs (0.2.6)
    compass (0.12.1)
      chunky_png (~> 1.2)
      fssm (>= 0.2.7)
      sass (~> 3.1)
    em-websocket (0.3.6)
      addressable (>= 2.1.1)
      eventmachine (>= 0.12.9)
    eventmachine (0.12.10)
    ffi (1.0.11)
    fssm (0.2.9)
    guard (1.0.3)
      ffi (>= 0.5.0)
      thor (>= 0.14.6)
    guard-livereload (0.4.2)
      em-websocket (>= 0.2.0)
      guard (>= 0.10.0)
      multi_json (~> 1.0)
    hike (1.2.1)
    json (1.7.3)
    less (2.2.1)
      commonjs (~> 0.2.6)
    libv8 (3.3.10.4)
    multi_json (1.3.5)
    open4 (1.3.0)
    rack (1.4.1)
    rb-fsevent (0.9.1)
    rubyzip (0.9.8)
    sass (3.1.18)
    sprockets (2.4.3)
      hike (~> 1.2)
      multi_json (~> 1.0)
      rack (~> 1.0)
      tilt (~> 1.1, != 1.3.0)
    sprockets-sass (0.8.0)
      sprockets (~> 2.0)
      tilt (~> 1.1)
    therubyracer (0.10.1)
      libv8 (~> 3.3.10)
    thor (0.15.2)
    tilt (1.3.3)
    yui-compressor (0.9.6)
      POpen4 (>= 0.1.4)

PLATFORMS
  ruby

DEPENDENCIES
  forge!
  therubyracer
